PATH
  remote: .
  specs:
    big_sitemap (1.0.1)

GEM
  specs:
    metaclass (0.0.1)
    mocha (0.12.0)
      metaclass (~> 0.0.1)
    nokogiri (1.4.4)
    shoulda (2.11.3)

PLATFORMS
  ruby

DEPENDENCIES
  big_sitemap!
  bundler
  mocha
  nokogiri
  shoulda
