PATH
  remote: .
  specs:
    big_sitemap (1.0.0)

GEM
  remote: http://rubygems.org/
  specs:
    mocha (0.9.10)
      rake
    nokogiri (1.4.4)
    rake (0.8.7)
    shoulda (2.11.3)

PLATFORMS
  ruby

DEPENDENCIES
  big_sitemap!
  bundler
  mocha
  nokogiri
  shoulda
